PATH
  remote: .
  specs:
    hawkr (0.1.0)
      dry-types
      faraday
      multi_json
      pg
      representable
      rom (~> 4.0.0.rc)
      rom-sql (~> 2.0.0.rc)
      sentry-raven
      websocket-eventmachine-client

GEM
  remote: https://rubygems.org/
  specs:
    abstract_type (0.0.7)
    adamantium (0.2.0)
      ice_nine (~> 0.11.0)
      memoizable (~> 0.4.0)
    addressable (2.5.2)
      public_suffix (>= 2.0.2, < 4.0)
    anima (0.3.0)
      abstract_type (~> 0.0.7)
      adamantium (~> 0.2)
      equalizer (~> 0.0.11)
    ast (2.3.0)
    byebug (9.1.0)
    concord (0.1.5)
      adamantium (~> 0.2.0)
      equalizer (~> 0.0.9)
    concurrent-ruby (1.0.5)
    crack (0.4.3)
      safe_yaml (~> 1.0.0)
    declarative (0.0.10)
    declarative-option (0.1.0)
    diff-lcs (1.3)
    dry-configurable (0.7.0)
      concurrent-ruby (~> 1.0)
    dry-container (0.6.0)
      concurrent-ruby (~> 1.0)
      dry-configurable (~> 0.1, >= 0.1.3)
    dry-core (0.3.4)
      concurrent-ruby (~> 1.0)
    dry-equalizer (0.2.0)
    dry-initializer (2.3.0)
    dry-logic (0.4.2)
      dry-container (~> 0.2, >= 0.2.6)
      dry-core (~> 0.2)
      dry-equalizer (~> 0.2)
    dry-struct (0.3.1)
      dry-configurable (~> 0.1)
      dry-core (~> 0.3)
      dry-equalizer (~> 0.2)
      dry-types (~> 0.9, >= 0.9.0)
      ice_nine (~> 0.11)
    dry-types (0.12.1)
      concurrent-ruby (~> 1.0)
      dry-configurable (~> 0.1)
      dry-container (~> 0.3)
      dry-core (~> 0.2, >= 0.2.1)
      dry-equalizer (~> 0.2)
      dry-logic (~> 0.4, >= 0.4.2)
      inflecto (~> 0.0.0, >= 0.0.2)
    equalizer (0.0.11)
    eventmachine (1.2.5)
    faraday (0.13.1)
      multipart-post (>= 1.2, < 3)
    hashdiff (0.3.7)
    ice_nine (0.11.2)
    inflecto (0.0.2)
    memoizable (0.4.2)
      thread_safe (~> 0.3, >= 0.3.1)
    morpher (0.2.6)
      abstract_type (~> 0.0.7)
      adamantium (~> 0.2.0)
      anima (~> 0.3.0)
      ast (~> 2.2)
      concord (~> 0.1.5)
      equalizer (~> 0.0.9)
      ice_nine (~> 0.11.0)
      procto (~> 0.0.2)
    multi_json (1.12.2)
    multipart-post (2.0.0)
    mutant (0.8.14)
      abstract_type (~> 0.0.7)
      adamantium (~> 0.2.0)
      anima (~> 0.3.0)
      ast (~> 2.2)
      concord (~> 0.1.5)
      diff-lcs (~> 1.3)
      equalizer (~> 0.0.9)
      ice_nine (~> 0.11.1)
      memoizable (~> 0.4.2)
      morpher (~> 0.2.6)
      parallel (~> 1.3)
      parser (>= 2.3.1.4, < 2.5)
      procto (~> 0.0.2)
      regexp_parser (~> 0.4.3)
      unparser (~> 0.2.5)
    mutant-rspec (0.8.14)
      mutant (~> 0.8.14)
      rspec-core (>= 3.4.0, < 3.7.0)
    parallel (1.12.0)
    parser (2.4.0.0)
      ast (~> 2.2)
    pg (0.21.0)
    powerpack (0.1.1)
    procto (0.0.3)
    public_suffix (3.0.0)
    rainbow (2.2.2)
      rake
    rake (10.5.0)
    regexp_parser (0.4.6)
    representable (3.0.4)
      declarative (< 0.1.0)
      declarative-option (< 0.2.0)
      uber (< 0.2.0)
    rom (4.0.0.rc2)
      rom-changeset (~> 1.0.0.rc)
      rom-core (~> 4.0.0.rc)
      rom-mapper (~> 1.0.0.rc)
      rom-repository (~> 2.0.0.rc)
    rom-changeset (1.0.0.rc2)
      dry-core (~> 0.3, >= 0.3.1)
      rom-core (~> 4.0.0.rc)
      transproc (~> 1.0)
    rom-core (4.0.0.rc2)
      concurrent-ruby (~> 1.0)
      dry-container (~> 0.6)
      dry-core (~> 0.3)
      dry-equalizer (~> 0.2)
      dry-initializer (~> 2.0)
      dry-types (~> 0.12, >= 0.12.1)
      rom-mapper (~> 1.0.0.rc)
    rom-mapper (1.0.0.rc2)
      dry-core (~> 0.3, >= 0.3.1)
      dry-equalizer (~> 0.2)
      transproc (~> 1.0)
    rom-repository (2.0.0.rc2)
      dry-struct (~> 0.3)
      rom-mapper (~> 1.0.0.rc)
    rom-sql (2.0.0.rc1)
      dry-core (~> 0.3)
      dry-equalizer (~> 0.2)
      dry-types (~> 0.12)
      rom-core (~> 4.0.0.rc)
      sequel (>= 4.49)
    rspec (3.6.0)
      rspec-core (~> 3.6.0)
      rspec-expectations (~> 3.6.0)
      rspec-mocks (~> 3.6.0)
    rspec-core (3.6.0)
      rspec-support (~> 3.6.0)
    rspec-expectations (3.6.0)
      diff-lcs (>= 1.2.0, < 2.0)
      rspec-support (~> 3.6.0)
    rspec-mocks (3.6.0)
      diff-lcs (>= 1.2.0, < 2.0)
      rspec-support (~> 3.6.0)
    rspec-support (3.6.0)
    rubocop (0.50.0)
      parallel (~> 1.10)
      parser (>= 2.3.3.1, < 3.0)
      powerpack (~> 0.1)
      rainbow (>= 2.2.2, < 3.0)
      ruby-progressbar (~> 1.7)
      unicode-display_width (~> 1.0, >= 1.0.1)
    rubocop-rspec (1.18.0)
      rubocop (>= 0.50.0)
    ruby-progressbar (1.9.0)
    safe_yaml (1.0.4)
    sentry-raven (2.7.1)
      faraday (>= 0.7.6, < 1.0)
    sequel (5.1.0)
    thread_safe (0.3.6)
    transproc (1.0.2)
    uber (0.1.0)
    unicode-display_width (1.3.0)
    unparser (0.2.6)
      abstract_type (~> 0.0.7)
      adamantium (~> 0.2.0)
      concord (~> 0.1.5)
      diff-lcs (~> 1.3)
      equalizer (~> 0.0.9)
      parser (>= 2.3.1.2, < 2.5)
      procto (~> 0.0.2)
    vcr (3.0.3)
    webmock (3.1.0)
      addressable (>= 2.3.6)
      crack (>= 0.3.2)
      hashdiff
    websocket (1.2.4)
    websocket-eventmachine-base (1.2.0)
      eventmachine (~> 1.0)
      websocket (~> 1.0)
      websocket-native (~> 1.0)
    websocket-eventmachine-client (1.2.0)
      websocket-eventmachine-base (~> 1.0)
    websocket-native (1.0.0)

PLATFORMS
  ruby

DEPENDENCIES
  bundler (~> 1.16.a)
  byebug
  hawkr!
  mutant-rspec (~> 0.8.14)
  rake (~> 10.0)
  rspec (~> 3.0)
  rubocop (~> 0.50.0)
  rubocop-rspec
  vcr
  webmock

BUNDLED WITH
   1.16.0.pre.2
